GEM
  remote: https://rubygems.org/
  specs:
    activesupport (5.2.4.2)
      concurrent-ruby (~> 1.0, >= 1.0.2)
      i18n (>= 0.7, < 2)
      minitest (~> 5.1)
      tzinfo (~> 1.1)
    addressable (2.7.0)
      public_suffix (>= 2.0.2, < 5.0)
    ast (2.4.0)
    byebug (11.1.3)
    coderay (1.1.2)
    concurrent-ruby (1.1.6)
    config (2.2.1)
      deep_merge (~> 1.2, >= 1.2.1)
      dry-validation (~> 1.0, >= 1.0.0)
    deep_merge (1.2.1)
    deprecation (1.0.0)
      activesupport
    diff-lcs (1.3)
    docile (1.3.2)
    domain_name (0.5.20190701)
      unf (>= 0.0.5, < 1.0.0)
    dot-properties (0.1.3)
    dry-configurable (0.11.5)
      concurrent-ruby (~> 1.0)
      dry-core (~> 0.4, >= 0.4.7)
      dry-equalizer (~> 0.2)
    dry-container (0.7.2)
      concurrent-ruby (~> 1.0)
      dry-configurable (~> 0.1, >= 0.1.3)
    dry-core (0.4.9)
      concurrent-ruby (~> 1.0)
    dry-equalizer (0.3.0)
    dry-inflector (0.2.0)
    dry-initializer (3.0.3)
    dry-logic (1.0.6)
      concurrent-ruby (~> 1.0)
      dry-core (~> 0.2)
      dry-equalizer (~> 0.2)
    dry-schema (1.5.0)
      concurrent-ruby (~> 1.0)
      dry-configurable (~> 0.8, >= 0.8.3)
      dry-core (~> 0.4)
      dry-equalizer (~> 0.2)
      dry-initializer (~> 3.0)
      dry-logic (~> 1.0)
      dry-types (~> 1.4)
    dry-types (1.4.0)
      concurrent-ruby (~> 1.0)
      dry-container (~> 0.3)
      dry-core (~> 0.4, >= 0.4.4)
      dry-equalizer (~> 0.3)
      dry-inflector (~> 0.1, >= 0.1.2)
      dry-logic (~> 1.0, >= 1.0.2)
    dry-validation (1.5.0)
      concurrent-ruby (~> 1.0)
      dry-container (~> 0.7, >= 0.7.1)
      dry-core (~> 0.4)
      dry-equalizer (~> 0.2)
      dry-initializer (~> 3.0)
      dry-schema (~> 1.5)
    faraday (1.0.1)
      multipart-post (>= 1.2, < 3)
    ffi (1.12.2)
    ffi-compiler (1.0.1)
      ffi (>= 1.0.0)
      rake
    hashie (4.1.0)
    http (4.4.1)
      addressable (~> 2.3)
      http-cookie (~> 1.0)
      http-form_data (~> 2.2)
      http-parser (~> 1.2.0)
    http-cookie (1.0.3)
      domain_name (~> 0.5)
    http-form_data (2.3.0)
    http-parser (1.2.1)
      ffi-compiler (>= 1.0, < 2.0)
    httpclient (2.8.3)
    i18n (1.8.2)
      concurrent-ruby (~> 1.0)
    jaro_winkler (1.5.4)
    json (2.3.0)
    jsonpath (1.0.5)
      multi_json
      to_regexp (~> 0.2.1)
    marc (1.0.4)
      scrub_rb (>= 1.0.1, < 2)
      unf
    marc-fastxmlwriter (1.0.0)
      marc (~> 1.0)
    method_source (1.0.0)
    mini_portile2 (2.4.0)
    minitest (5.14.1)
    multi_json (1.14.1)
    multipart-post (2.1.1)
    nokogiri (1.10.9)
      mini_portile2 (~> 2.4.0)
    parallel (1.19.1)
    parse_date (0.4.2)
      zeitwerk (~> 2.1)
    parser (2.7.1.2)
      ast (~> 2.4.0)
    powerpack (0.1.2)
    pry (0.13.1)
      coderay (~> 1.1)
      method_source (~> 1.0)
    pry-byebug (3.9.0)
      byebug (~> 11.0)
      pry (~> 0.13.0)
    public_suffix (4.0.5)
    rainbow (3.0.0)
    rake (13.0.1)
    rspec (3.9.0)
      rspec-core (~> 3.9.0)
      rspec-expectations (~> 3.9.0)
      rspec-mocks (~> 3.9.0)
    rspec-core (3.9.2)
      rspec-support (~> 3.9.3)
    rspec-expectations (3.9.2)
      diff-lcs (>= 1.2.0, < 2.0)
      rspec-support (~> 3.9.0)
    rspec-mocks (3.9.1)
      diff-lcs (>= 1.2.0, < 2.0)
      rspec-support (~> 3.9.0)
    rspec-support (3.9.3)
    rspec_junit_formatter (0.4.1)
      rspec-core (>= 2, < 4, != 2.12.0)
    rubocop (0.64.0)
      jaro_winkler (~> 1.5.1)
      parallel (~> 1.10)
      parser (>= 2.5, != 2.5.1.1)
      powerpack (~> 0.1)
      rainbow (>= 2.2.2, < 4.0)
      ruby-progressbar (~> 1.7)
      unicode-display_width (~> 1.4.0)
    rubocop-rspec (1.21.0)
      rubocop (>= 0.52.0)
    ruby-progressbar (1.10.1)
    scrub_rb (1.0.1)
    simplecov (0.17.1)
      docile (~> 1.1)
      json (>= 1.8, < 3)
      simplecov-html (~> 0.10.0)
    simplecov-html (0.10.2)
    slop (3.6.0)
    thor (0.20.3)
    thread_safe (0.3.6)
    to_regexp (0.2.1)
    traject (3.3.0)
      concurrent-ruby (>= 0.8.0)
      dot-properties (>= 0.1.1)
      hashie (>= 3.1, < 5)
      http (>= 3.0, < 5)
      httpclient (~> 2.5)
      marc (~> 1.0)
      marc-fastxmlwriter (~> 1.0)
      nokogiri (~> 1.9)
      slop (>= 3.4.5, < 4.0)
      yell
    traject_plus (1.3.0)
      activesupport
      deprecation
      jsonpath
      traject (~> 3.0)
    tzinfo (1.2.7)
      thread_safe (~> 0.1)
    unf (0.1.4)
      unf_ext
    unf_ext (0.0.7.7)
    unicode-display_width (1.4.1)
    yell (2.2.2)
    zeitwerk (2.3.0)

PLATFORMS
  ruby

DEPENDENCIES
  activesupport (~> 5.2)
  byebug
  config
  dry-validation
  faraday
  parse_date
  pry-byebug
  rake
  rspec
  rspec_junit_formatter
  rubocop (~> 0.64.0)
  rubocop-rspec (~> 1.21.0)
  simplecov (~> 0.17.1)
  thor (~> 0.20)
  traject_plus (~> 1.3)

BUNDLED WITH
   2.0.2
